GEM
  remote: https://rubygems.org/
  specs:
    awesome_print (1.9.2)

PLATFORMS
  arm64-darwin-22

DEPENDENCIES
  awesome_print

BUNDLED WITH
   2.4.10
